GEM
  remote: http://rubygems.org/
  specs:
    bson (1.12.5)
    bson_ext (1.12.5)
      bson (~> 1.12.5)
    haml (4.0.7)
      tilt
    mongo (1.12.5)
      bson (= 1.12.5)
    rack (1.6.4)
    rack-protection (1.5.3)
      rack
    shotgun (0.9.1)
      rack (>= 1.0)
    sinatra (1.4.6)
      rack (~> 1.4)
      rack-protection (~> 1.4)
      tilt (>= 1.3, < 3)
    tilt (2.0.1)

PLATFORMS
  ruby

DEPENDENCIES
  bson_ext
  haml
  mongo
  shotgun
  sinatra

BUNDLED WITH
   1.10.6
